GEM
  remote: https://rubygems.org/
  specs:
    backports (3.3.5)
    bson (1.9.0)
    bson_ext (1.9.0)
      bson (~> 1.9.0)
    haml (4.0.3)
      tilt
    mongo (1.9.0)
      bson (~> 1.9.0)
    mongodb (2.1.0)
      mongo (~> 1.5)
    multi_json (1.8.2)
    rack (1.5.2)
    rack-protection (1.5.1)
      rack
    rack-test (0.6.2)
      rack (>= 1.0)
    rake (10.0.4)
    sinatra (1.4.3)
      rack (~> 1.4)
      rack-protection (~> 1.4)
      tilt (~> 1.3, >= 1.3.4)
    sinatra-contrib (1.4.2)
      backports (>= 2.0)
      multi_json
      rack-protection
      rack-test
      sinatra (~> 1.4.0)
      tilt (~> 1.3)
    tilt (1.4.1)

PLATFORMS
  ruby

DEPENDENCIES
  bson_ext
  haml
  mongo
  mongodb
  rake
  sinatra (= 1.4.3)
  sinatra-contrib
