GEM
  remote: https://rubygems.org/
  specs:
    backports (3.3.5)
    bson (1.9.0)
    bson_ext (1.9.0)
      bson (~> 1.9.0)
    chunky_png (1.2.9)
    compass (0.12.2)
      chunky_png (~> 1.2)
      fssm (>= 0.2.7)
      sass (~> 3.1)
    fssm (0.2.10)
    haml (4.0.3)
      tilt
    jsmin (1.0.1)
    mongo (1.9.0)
      bson (~> 1.9.0)
    mongodb (2.1.0)
      mongo (~> 1.5)
    multi_json (1.8.2)
    newrelic_rpm (3.7.1.180)
    rack (1.5.2)
    rack-protection (1.5.1)
      rack
    rack-test (0.6.2)
      rack (>= 1.0)
    rake (10.0.4)
    sass (3.2.13)
    shotgun (0.9)
      rack (>= 1.0)
    sinatra (1.4.3)
      rack (~> 1.4)
      rack-protection (~> 1.4)
      tilt (~> 1.3, >= 1.3.4)
    sinatra-contrib (1.4.2)
      backports (>= 2.0)
      multi_json
      rack-protection
      rack-test
      sinatra (~> 1.4.0)
      tilt (~> 1.3)
    tilt (1.4.1)

PLATFORMS
  ruby

DEPENDENCIES
  bson_ext
  compass
  haml
  jsmin
  mongo
  mongodb
  newrelic_rpm
  rake
  sass
  shotgun
  sinatra (= 1.4.3)
  sinatra-contrib
